PATH
  remote: .
  specs:
    mysql2_model (0.0.2)
      activesupport (~> 2.3)
      mysql2 (~> 0.2)

GEM
  remote: http://rubygems.org/
  specs:
    activesupport (2.3.8)
    mysql2 (0.2.3)
    rspec (1.3.0)

PLATFORMS
  ruby

DEPENDENCIES
  activesupport (~> 2.3)
  mysql2 (~> 0.2)
  mysql2_model!
  rspec (~> 1.3)
