PATH
  remote: .
  specs:
    mysql2_model (0.1.0)
      activesupport (~> 2.3)
      builder (~> 2.1.2)
      logging (~> 1)
      mysql2 (~> 0.2)

GEM
  remote: http://rubygems.org/
  specs:
    activesupport (2.3.8)
    builder (2.1.2)
    little-plugger (1.1.2)
    logging (1.4.3)
      little-plugger (>= 1.1.2)
    mysql2 (0.2.3)
    rspec (1.3.0)

PLATFORMS
  ruby

DEPENDENCIES
  activesupport (~> 2.3)
  builder (~> 2.1.2)
  logging (~> 1)
  mysql2 (~> 0.2)
  mysql2_model!
  rspec (~> 1.3)
